PATH
  remote: .
  specs:
    pokeberu (0.1.4)
      mojinizer

GEM
  remote: https://rubygems.org/
  specs:
    minitest (5.12.2)
    moji (1.6)
    mojinizer (0.2.2)
      moji (~> 1.6)
    rake (13.0.1)

PLATFORMS
  ruby

DEPENDENCIES
  bundler (~> 1.17)
  minitest (~> 5.0)
  pokeberu!
  rake (~> 13.0)

BUNDLED WITH
   1.17.3
