PATH
  remote: .
  specs:
    pokeberu (0.1.4)
      mojinizer

GEM
  remote: https://rubygems.org/
  specs:
    minitest (5.18.1)
    moji (1.6)
    mojinizer (0.2.2)
      moji (~> 1.6)
    rake (13.0.6)

PLATFORMS
  arm64-darwin-22

DEPENDENCIES
  bundler
  minitest
  pokeberu!
  rake

BUNDLED WITH
   2.4.17
